PATH
  remote: .
  specs:
    wgit (0.12.0)
      addressable (~> 2.8)
      base64 (~> 0.2)
      ferrum (~> 0.14)
      mongo (~> 2.19)
      nokogiri (~> 1.15)
      typhoeus (~> 1.4)

GEM
  remote: https://rubygems.org/
  specs:
    addressable (2.8.6)
      public_suffix (>= 2.0.2, < 6.0)
    ast (2.4.2)
    base64 (0.2.0)
    bigdecimal (3.1.6)
    bson (4.15.0)
    byebug (11.1.3)
    coderay (1.1.3)
    concurrent-ruby (1.2.3)
    crack (1.0.0)
      bigdecimal
      rexml
    dotenv (2.8.1)
    ethon (0.16.0)
      ffi (>= 1.15.0)
    ferrum (0.15)
      addressable (~> 2.5)
      concurrent-ruby (~> 1.1)
      webrick (~> 1.7)
      websocket-driver (~> 0.7)
    ffi (1.16.3)
    hashdiff (1.1.0)
    json (2.7.1)
    language_server-protocol (3.17.0.3)
    maxitest (5.4.0)
      minitest (>= 5.14.0, < 5.21.0)
    method_source (1.0.0)
    minitest (5.20.0)
    mongo (2.19.3)
      bson (>= 4.14.1, < 5.0.0)
    nokogiri (1.16.2)
      racc (~> 1.4)
    parallel (1.24.0)
    parser (3.3.0.5)
      ast (~> 2.4.1)
      racc
    prism (0.24.0)
    pry (0.14.2)
      coderay (~> 1.1)
      method_source (~> 1.0)
    public_suffix (5.0.4)
    racc (1.7.3)
    rainbow (3.1.1)
    regexp_parser (2.9.0)
    rexml (3.2.6)
    rubocop (1.61.0)
      json (~> 2.3)
      language_server-protocol (>= 3.17.0)
      parallel (~> 1.10)
      parser (>= 3.3.0.2)
      rainbow (>= 2.2.2, < 4.0)
      regexp_parser (>= 1.8, < 3.0)
      rexml (>= 3.2.5, < 4.0)
      rubocop-ast (>= 1.30.0, < 2.0)
      ruby-progressbar (~> 1.7)
      unicode-display_width (>= 2.4.0, < 3.0)
    rubocop-ast (1.31.0)
      parser (>= 3.3.0.4)
      prism (>= 0.24.0)
    ruby-progressbar (1.13.0)
    toys (0.15.5)
      toys-core (= 0.15.5)
    toys-core (0.15.5)
    typhoeus (1.4.1)
      ethon (>= 0.9.0)
    unicode-display_width (2.5.0)
    webmock (3.23.0)
      addressable (>= 2.8.0)
      crack (>= 0.3.2)
      hashdiff (>= 0.4.0, < 2.0.0)
    webrick (1.8.1)
    websocket-driver (0.7.6)
      websocket-extensions (>= 0.1.0)
    websocket-extensions (0.1.5)
    yard (0.9.35)

PLATFORMS
  ruby

DEPENDENCIES
  byebug (~> 11.1)
  dotenv (~> 2.8)
  maxitest (~> 5.4)
  pry (~> 0.14)
  rubocop (~> 1.57)
  toys (~> 0.15)
  webmock (~> 3.19)
  wgit!
  yard (~> 0.9)

RUBY VERSION
   ruby 3.3.0p0

BUNDLED WITH
   2.5.3
