PATH
  remote: .
  specs:
    wgit (0.10.8)
      addressable (~> 2.6)
      ferrum (~> 0.8)
      mongo (~> 2.9)
      nokogiri (~> 1.10)
      typhoeus (~> 1.3)

GEM
  remote: https://rubygems.org/
  specs:
    addressable (2.8.5)
      public_suffix (>= 2.0.2, < 6.0)
    ast (2.4.2)
    bson (4.15.0)
    byebug (10.0.2)
    coderay (1.1.3)
    concurrent-ruby (1.2.2)
    crack (0.4.5)
      rexml
    dotenv (2.8.1)
    ethon (0.16.0)
      ffi (>= 1.15.0)
    ferrum (0.14)
      addressable (~> 2.5)
      concurrent-ruby (~> 1.1)
      webrick (~> 1.7)
      websocket-driver (>= 0.6, < 0.8)
    ffi (1.16.3)
    hashdiff (1.0.1)
    maxitest (3.7.0)
      minitest (>= 5.0.0, < 5.15.0)
    method_source (1.0.0)
    mini_portile2 (2.8.5)
    minitest (5.14.4)
    mongo (2.19.2)
      bson (>= 4.14.1, < 5.0.0)
    nokogiri (1.15.4)
      mini_portile2 (~> 2.8.2)
      racc (~> 1.4)
    parallel (1.23.0)
    parser (3.2.2.4)
      ast (~> 2.4.1)
      racc
    pry (0.14.2)
      coderay (~> 1.1)
      method_source (~> 1.0)
    public_suffix (5.0.3)
    racc (1.7.3)
    rainbow (3.1.1)
    regexp_parser (2.8.2)
    rexml (3.2.6)
    rubocop (0.93.1)
      parallel (~> 1.10)
      parser (>= 2.7.1.5)
      rainbow (>= 2.2.2, < 4.0)
      regexp_parser (>= 1.8)
      rexml
      rubocop-ast (>= 0.6.0)
      ruby-progressbar (~> 1.7)
      unicode-display_width (>= 1.4.0, < 2.0)
    rubocop-ast (1.30.0)
      parser (>= 3.2.1.0)
    ruby-progressbar (1.13.0)
    toys (0.15.3)
      toys-core (= 0.15.3)
    toys-core (0.15.3)
    typhoeus (1.4.0)
      ethon (>= 0.9.0)
    unicode-display_width (1.8.0)
    webmock (3.19.1)
      addressable (>= 2.8.0)
      crack (>= 0.3.2)
      hashdiff (>= 0.4.0, < 2.0.0)
    webrick (1.8.1)
    websocket-driver (0.7.6)
      websocket-extensions (>= 0.1.0)
    websocket-extensions (0.1.5)
    yard (0.9.34)

PLATFORMS
  ruby

DEPENDENCIES
  byebug (~> 10.0)
  dotenv (~> 2.5)
  maxitest (~> 3.3)
  pry (~> 0.12)
  rubocop (~> 0.74)
  toys (~> 0.8)
  webmock (~> 3.6)
  wgit!
  yard (>= 0.9.20, < 1.0)

RUBY VERSION
   ruby 3.0.2p107

BUNDLED WITH
   2.4.21
