PATH
  remote: .
  specs:
    wgit (0.8.0)
      addressable (~> 2.6)
      mongo (~> 2.9)
      nokogiri (~> 1.10)
      typhoeus (~> 1.3)

GEM
  remote: https://rubygems.org/
  specs:
    addressable (2.7.0)
      public_suffix (>= 2.0.2, < 5.0)
    ast (2.4.0)
    bson (4.8.2)
    byebug (10.0.2)
    coderay (1.1.2)
    crack (0.4.3)
      safe_yaml (~> 1.0.0)
    dotenv (2.7.5)
    ethon (0.12.0)
      ffi (>= 1.3.0)
    ffi (1.12.2)
    hashdiff (1.0.1)
    jaro_winkler (1.5.4)
    maxitest (3.6.0)
      minitest (>= 5.0.0, < 5.14.0)
    method_source (1.0.0)
    mini_portile2 (2.4.0)
    minitest (5.13.0)
    mongo (2.12.1)
      bson (>= 4.8.2, < 5.0.0)
    nokogiri (1.10.9)
      mini_portile2 (~> 2.4.0)
    parallel (1.19.1)
    parser (2.7.1.2)
      ast (~> 2.4.0)
    pry (0.13.1)
      coderay (~> 1.1)
      method_source (~> 1.0)
    public_suffix (4.0.4)
    rainbow (3.0.0)
    rexml (3.2.4)
    rubocop (0.82.0)
      jaro_winkler (~> 1.5.1)
      parallel (~> 1.10)
      parser (>= 2.7.0.1)
      rainbow (>= 2.2.2, < 4.0)
      rexml
      ruby-progressbar (~> 1.7)
      unicode-display_width (>= 1.4.0, < 2.0)
    ruby-progressbar (1.10.1)
    safe_yaml (1.0.5)
    toys (0.10.1)
      toys-core (= 0.10.1)
    toys-core (0.10.1)
    typhoeus (1.3.1)
      ethon (>= 0.9.0)
    unicode-display_width (1.7.0)
    webmock (3.8.3)
      addressable (>= 2.3.6)
      crack (>= 0.3.2)
      hashdiff (>= 0.4.0, < 2.0.0)
    yard (0.9.25)

PLATFORMS
  ruby

DEPENDENCIES
  byebug (~> 10.0)
  dotenv (~> 2.5)
  maxitest (~> 3.3)
  pry (~> 0.12)
  rubocop (~> 0.74)
  toys (~> 0.8)
  webmock (~> 3.6)
  wgit!
  yard (>= 0.9.20, < 1.0)

RUBY VERSION
   ruby 2.5.3p105

BUNDLED WITH
   2.1.4
