PATH
  remote: .
  specs:
    wgit (0.10.0)
      addressable (~> 2.6)
      ferrum (~> 0.8)
      mongo (~> 2.9)
      nokogiri (~> 1.10)
      typhoeus (~> 1.3)

GEM
  remote: https://rubygems.org/
  specs:
    addressable (2.7.0)
      public_suffix (>= 2.0.2, < 5.0)
    ast (2.4.2)
    bson (4.12.0)
    byebug (10.0.2)
    cliver (0.3.2)
    coderay (1.1.3)
    concurrent-ruby (1.1.8)
    crack (0.4.5)
      rexml
    dotenv (2.7.6)
    ethon (0.12.0)
      ffi (>= 1.3.0)
    ferrum (0.11)
      addressable (~> 2.5)
      cliver (~> 0.3)
      concurrent-ruby (~> 1.1)
      websocket-driver (>= 0.6, < 0.8)
    ffi (1.15.0)
    hashdiff (1.0.1)
    maxitest (3.6.0)
      minitest (>= 5.0.0, < 5.14.0)
    method_source (1.0.0)
    mini_portile2 (2.5.0)
    minitest (5.13.0)
    mongo (2.14.0)
      bson (>= 4.8.2, < 5.0.0)
    nokogiri (1.11.2)
      mini_portile2 (~> 2.5.0)
      racc (~> 1.4)
    parallel (1.20.1)
    parser (3.0.0.0)
      ast (~> 2.4.1)
    pry (0.14.0)
      coderay (~> 1.1)
      method_source (~> 1.0)
    public_suffix (4.0.6)
    racc (1.5.2)
    rainbow (3.0.0)
    regexp_parser (2.1.1)
    rexml (3.2.4)
    rubocop (0.93.1)
      parallel (~> 1.10)
      parser (>= 2.7.1.5)
      rainbow (>= 2.2.2, < 4.0)
      regexp_parser (>= 1.8)
      rexml
      rubocop-ast (>= 0.6.0)
      ruby-progressbar (~> 1.7)
      unicode-display_width (>= 1.4.0, < 2.0)
    rubocop-ast (1.4.1)
      parser (>= 2.7.1.5)
    ruby-progressbar (1.11.0)
    toys (0.11.5)
      toys-core (= 0.11.5)
    toys-core (0.11.5)
    typhoeus (1.4.0)
      ethon (>= 0.9.0)
    unicode-display_width (1.7.0)
    webmock (3.12.2)
      addressable (>= 2.3.6)
      crack (>= 0.3.2)
      hashdiff (>= 0.4.0, < 2.0.0)
    websocket-driver (0.7.3)
      websocket-extensions (>= 0.1.0)
    websocket-extensions (0.1.5)
    yard (0.9.26)

PLATFORMS
  ruby

DEPENDENCIES
  byebug (~> 10.0)
  dotenv (~> 2.5)
  maxitest (~> 3.3)
  pry (~> 0.12)
  rubocop (~> 0.74)
  toys (~> 0.8)
  webmock (~> 3.6)
  wgit!
  yard (>= 0.9.20, < 1.0)

RUBY VERSION
   ruby 2.7.0p0

BUNDLED WITH
   2.1.4
